GEM
  remote: https://rubygems.org/
  specs:
    cmdparse (2.0.5)
    colorize (0.5.8)
    juicer (1.0.16)
      cmdparse
      nokogiri (>= 1.5.0)
      rubyzip
    nokogiri (1.5.4)
    rake (0.9.2.2)
    rubyzip (0.9.9)
    sass (3.1.19)
    yamler (0.1.0)

PLATFORMS
  ruby

DEPENDENCIES
  colorize
  juicer
  rake
  sass
  yamler
